GEM
  remote: http://rubygems.org/
  specs:
    rake (10.5.0)
    rubyzip (0.9.9)

PLATFORMS
  x64-mingw32

DEPENDENCIES
  rake (~> 10.0)
  rubyzip (= 0.9.9)

BUNDLED WITH
   2.1.4
